GIT
  remote: git://github.com/just3ws/sitemap_generator.git
  revision: cb5d8d09c65d84469f828997b2c183311c40ff98
  branch: heroku
  specs:
    sitemap_generator (1.3.8)

GEM
  remote: http://rubygems.org/
  specs:
    SystemTimer (1.2.2)
    ZenTest (4.5.0)
    abstract (1.0.0)
    actionmailer (3.0.5)
      actionpack (= 3.0.5)
      mail (~> 2.2.15)
    actionpack (3.0.5)
      activemodel (= 3.0.5)
      activesupport (= 3.0.5)
      builder (~> 2.1.2)
      erubis (~> 2.6.6)
      i18n (~> 0.4)
      rack (~> 1.2.1)
      rack-mount (~> 0.6.13)
      rack-test (~> 0.5.7)
      tzinfo (~> 0.3.23)
    activemodel (3.0.5)
      activesupport (= 3.0.5)
      builder (~> 2.1.2)
      i18n (~> 0.4)
    activerecord (3.0.5)
      activemodel (= 3.0.5)
      activesupport (= 3.0.5)
      arel (~> 2.0.2)
      tzinfo (~> 0.3.23)
    activeresource (3.0.5)
      activemodel (= 3.0.5)
      activesupport (= 3.0.5)
    activesupport (3.0.5)
    annotate (2.4.0)
    arel (2.0.9)
    autotest-fsevent (0.2.5)
      sys-uname
    autotest-growl (0.2.9)
    autotest-rails-pure (4.1.2)
    awesome_print (0.3.2)
    aws-s3 (0.6.2)
      builder
      mime-types
      xml-simple
    bcrypt-ruby (2.1.4)
    builder (2.1.2)
    cancan (1.5.1)
    capybara (0.4.1.2)
      celerity (>= 0.7.9)
      culerity (>= 0.2.4)
      mime-types (>= 1.16)
      nokogiri (>= 1.3.3)
      rack (>= 1.0.0)
      rack-test (>= 0.5.4)
      selenium-webdriver (>= 0.0.27)
      xpath (~> 0.1.3)
    celerity (0.8.8)
    childprocess (0.1.7)
      ffi (~> 0.6.3)
    colored (1.2)
    compass (0.10.6)
      haml (>= 3.0.4)
    configuration (1.2.0)
    cucumber (0.10.0)
      builder (>= 2.1.2)
      diff-lcs (~> 1.1.2)
      gherkin (~> 2.3.2)
      json (~> 1.4.6)
      term-ansicolor (~> 1.0.5)
    cucumber-rails (0.3.2)
      cucumber (>= 0.8.0)
    culerity (0.2.15)
    dalli (1.0.2)
    database_cleaner (0.6.4)
    devise (1.1.7)
      bcrypt-ruby (~> 2.1.2)
      warden (~> 1.0.2)
    devise_invitable (0.3.6)
      devise (~> 1.1.0)
    diff-lcs (1.1.2)
    erubis (2.6.6)
      abstract (>= 1.0.0)
    fastercsv (1.5.4)
    ffi (0.6.3)
      rake (>= 0.8.7)
    fuubar (0.0.3)
      rspec (~> 2.0)
      rspec-instafail (~> 0.1.4)
      ruby-progressbar (~> 0.0.9)
    fuubar-cucumber (0.0.9)
      cucumber
      ruby-progressbar (~> 0.0.9)
    gherkin (2.3.3)
      json (~> 1.4.6)
    haml (3.0.25)
    heroku (1.6.3)
      json (>= 1.1.0)
      launchy (>= 0.3.2)
      rest-client (>= 1.2.0, < 2.0.0)
    heroku_san (1.0.8)
      heroku
    i18n (0.5.0)
    jquery-rails (0.2.7)
      rails (~> 3.0)
      thor (~> 0.14.4)
    json (1.4.6)
    json_pure (1.5.1)
    kgio (2.3.2)
    launchy (0.4.0)
      configuration (>= 0.0.5)
      rake (>= 0.8.1)
    mail (2.2.15)
      activesupport (>= 2.3.6)
      i18n (>= 0.4.0)
      mime-types (~> 1.16)
      treetop (~> 1.4.8)
    mime-types (1.16)
    nokogiri (1.4.4)
    paperclip (2.3.8)
      activerecord
      activesupport
    pg (0.10.1)
    pickle (0.4.4)
      cucumber (>= 0.8)
      rake
      rspec (>= 1.3)
      yard
    polyglot (0.3.1)
    rack (1.2.1)
    rack-mount (0.6.13)
      rack (>= 1.0.0)
    rack-test (0.5.7)
      rack (>= 1.0)
    rails (3.0.5)
      actionmailer (= 3.0.5)
      actionpack (= 3.0.5)
      activerecord (= 3.0.5)
      activeresource (= 3.0.5)
      activesupport (= 3.0.5)
      bundler (~> 1.0)
      railties (= 3.0.5)
    rails_best_practices (0.7.1)
      activesupport
      colored (~> 1.2)
      erubis (~> 2.6.6)
      haml (~> 3.0.18)
      i18n
      ruby-progressbar (~> 0.0.9)
      ruby_parser (~> 2.0.4)
    railties (3.0.5)
      actionpack (= 3.0.5)
      activesupport (= 3.0.5)
      rake (>= 0.8.7)
      thor (~> 0.14.4)
    rake (0.8.7)
    redis (2.1.1)
    redis-namespace (0.10.0)
      redis (< 3.0.0)
    resque (1.13.0)
      json (~> 1.4.6)
      redis-namespace (>= 0.10.0)
      sinatra (>= 0.9.2)
      vegas (~> 0.1.2)
    rest-client (1.6.1)
      mime-types (>= 1.16)
    rspec (2.5.0)
      rspec-core (~> 2.5.0)
      rspec-expectations (~> 2.5.0)
      rspec-mocks (~> 2.5.0)
    rspec-core (2.5.1)
    rspec-expectations (2.5.0)
      diff-lcs (~> 1.1.2)
    rspec-instafail (0.1.6)
    rspec-mocks (2.5.0)
    rspec-rails (2.5.0)
      actionpack (~> 3.0)
      activesupport (~> 3.0)
      railties (~> 3.0)
      rspec (~> 2.5.0)
    ruby-progressbar (0.0.9)
    ruby_parser (2.0.6)
      sexp_processor (~> 3.0)
    rubyzip (0.9.4)
    selenium-webdriver (0.1.3)
      childprocess (~> 0.1.5)
      ffi (~> 0.6.3)
      json_pure
      rubyzip
    sexp_processor (3.0.5)
    sinatra (1.1.3)
      rack (~> 1.1)
      tilt (>= 1.2.2, < 2.0)
    sqlite3 (1.3.3)
    sqlite3-ruby (1.3.3)
      sqlite3 (>= 1.3.3)
    sys-uname (0.8.5)
    term-ansicolor (1.0.5)
    thor (0.14.6)
    tilt (1.2.2)
    treetop (1.4.9)
      polyglot (>= 0.3.1)
    tzinfo (0.3.24)
    unicorn (3.4.0)
      kgio (~> 2.2)
      rack
    vegas (0.1.8)
      rack (>= 1.0.0)
    warden (1.0.3)
      rack (>= 1.0.0)
    wirble (0.1.3)
    xml-simple (1.0.14)
    xpath (0.1.3)
      nokogiri (~> 1.3)
    yard (0.6.4)

PLATFORMS
  ruby

DEPENDENCIES
  SystemTimer
  ZenTest
  annotate
  autotest-fsevent
  autotest-growl
  autotest-rails-pure
  awesome_print
  aws-s3
  cancan
  capybara
  compass
  cucumber
  cucumber-rails
  dalli
  database_cleaner
  devise
  devise_invitable
  fastercsv
  fuubar
  fuubar-cucumber
  haml
  heroku
  heroku_san
  jquery-rails (>= 0.2.6)
  json
  launchy
  paperclip
  pg
  pickle
  rails
  rails_best_practices
  resque
  rspec
  rspec-rails
  sitemap_generator!
  sqlite3-ruby
  unicorn
  wirble
